GIT
  remote: https://github.com/guilhermesad/rspotify
  revision: 577fcf743b13b6df874ee64ff11661d1086965bd
  specs:
    rspotify (2.12.2)
      addressable (~> 2.8.0)
      omniauth-oauth2 (>= 1.6)
      rest-client (~> 2.0.2)

GIT
  remote: https://github.com/tripproberts/ruby-lastfm.git
  revision: 25db1063968508eccd487aaebfa5ee9483090c50
  specs:
    lastfm (1.27.1)
      activesupport (>= 3.2.0)
      httparty
      xml-simple

GEM
  remote: https://rubygems.org/
  specs:
    activesupport (7.0.3.1)
      concurrent-ruby (~> 1.0, >= 1.0.2)
      i18n (>= 1.6, < 2)
      minitest (>= 5.1)
      tzinfo (~> 2.0)
    addressable (2.8.6)
      public_suffix (>= 2.0.2, < 6.0)
    base64 (0.2.0)
    cloud_events (0.7.0)
    concurrent-ruby (1.1.10)
    domain_name (0.6.20240107)
    faraday (2.9.0)
      faraday-net_http (>= 2.0, < 3.2)
    faraday-mashify (0.1.0)
      faraday (~> 2.0)
      hashie
    faraday-multipart (1.0.4)
      multipart-post (~> 2)
    faraday-net_http (3.1.0)
      net-http
    faraday-retry (2.0.0)
      faraday (~> 2.0)
    functions_framework (1.2.0)
      cloud_events (>= 0.7.0, < 2.a)
      puma (>= 4.3.0, < 6.a)
      rack (~> 2.1)
    gapic-common (0.11.1)
      faraday (>= 1.9, < 3.a)
      faraday-retry (>= 1.0, < 3.a)
      google-protobuf (~> 3.14)
      googleapis-common-protos (>= 1.3.12, < 2.a)
      googleapis-common-protos-types (>= 1.3.1, < 2.a)
      googleauth (~> 1.0)
      grpc (~> 1.36)
    gli (2.21.0)
    google-cloud-core (1.6.0)
      google-cloud-env (~> 1.0)
      google-cloud-errors (~> 1.0)
    google-cloud-env (1.6.0)
      faraday (>= 0.17.3, < 3.0)
    google-cloud-errors (1.2.0)
    google-cloud-secret_manager (1.2.0)
      google-cloud-core (~> 1.6)
      google-cloud-secret_manager-v1 (>= 0.1, < 2.a)
      google-cloud-secret_manager-v1beta1 (>= 0.3, < 2.a)
    google-cloud-secret_manager-v1 (0.14.0)
      gapic-common (>= 0.10, < 2.a)
      google-cloud-errors (~> 1.0)
      grpc-google-iam-v1 (~> 1.1)
    google-cloud-secret_manager-v1beta1 (0.10.0)
      gapic-common (>= 0.10, < 2.a)
      google-cloud-errors (~> 1.0)
      grpc-google-iam-v1 (~> 1.1)
    google-protobuf (3.21.5)
    google-protobuf (3.21.5-x86_64-darwin)
    googleapis-common-protos (1.3.12)
      google-protobuf (~> 3.14)
      googleapis-common-protos-types (~> 1.2)
      grpc (~> 1.27)
    googleapis-common-protos-types (1.4.0)
      google-protobuf (~> 3.14)
    googleauth (1.2.0)
      faraday (>= 0.17.3, < 3.a)
      jwt (>= 1.4, < 3.0)
      memoist (~> 0.16)
      multi_json (~> 1.11)
      os (>= 0.9, < 2.0)
      signet (>= 0.16, < 2.a)
    grpc (1.48.0)
      google-protobuf (~> 3.19)
      googleapis-common-protos-types (~> 1.0)
    grpc (1.48.0-x86_64-darwin)
      google-protobuf (~> 3.19)
      googleapis-common-protos-types (~> 1.0)
    grpc-google-iam-v1 (1.2.0)
      google-protobuf (~> 3.14)
      googleapis-common-protos (>= 1.3.12, < 2.0)
      grpc (~> 1.27)
    hashie (5.0.0)
    http-cookie (1.0.5)
      domain_name (~> 0.5)
    httparty (0.20.0)
      mime-types (~> 3.0)
      multi_xml (>= 0.5.2)
    i18n (1.12.0)
      concurrent-ruby (~> 1.0)
    jwt (2.8.1)
      base64
    memoist (0.16.2)
    mime-types (3.5.2)
      mime-types-data (~> 3.2015)
    mime-types-data (3.2024.0507)
    minitest (5.16.3)
    multi_json (1.15.0)
    multi_xml (0.6.0)
    multipart-post (2.2.3)
    net-http (0.4.1)
      uri
    netrc (0.11.0)
    nio4r (2.5.8)
    oauth2 (2.0.9)
      faraday (>= 0.17.3, < 3.0)
      jwt (>= 1.0, < 3.0)
      multi_xml (~> 0.5)
      rack (>= 1.2, < 4)
      snaky_hash (~> 2.0)
      version_gem (~> 1.1)
    omniauth (2.1.2)
      hashie (>= 3.4.6)
      rack (>= 2.2.3)
      rack-protection
    omniauth-oauth2 (1.8.0)
      oauth2 (>= 1.4, < 3)
      omniauth (~> 2.0)
    os (1.1.4)
    public_suffix (5.0.5)
    puma (5.6.5)
      nio4r (~> 2.0)
    rack (2.2.9)
    rack-protection (3.2.0)
      base64 (>= 0.1.0)
      rack (~> 2.2, >= 2.2.4)
    rest-client (2.0.2)
      http-cookie (>= 1.0.2, < 2.0)
      mime-types (>= 1.16, < 4.0)
      netrc (~> 0.8)
    rexml (3.2.5)
    signet (0.17.0)
      addressable (~> 2.8)
      faraday (>= 0.17.5, < 3.a)
      jwt (>= 1.5, < 3.0)
      multi_json (~> 1.10)
    slack-ruby-client (1.1.0)
      faraday (>= 2.0)
      faraday-mashify
      faraday-multipart
      gli
      hashie
      websocket-driver
    snaky_hash (2.0.1)
      hashie
      version_gem (~> 1.1, >= 1.1.1)
    tzinfo (2.0.5)
      concurrent-ruby (~> 1.0)
    uri (0.13.0)
    version_gem (1.1.4)
    websocket-driver (0.7.5)
      websocket-extensions (>= 0.1.0)
    websocket-extensions (0.1.5)
    xml-simple (1.1.9)
      rexml

PLATFORMS
  arm64-darwin-22
  x86_64-darwin-21

DEPENDENCIES
  functions_framework (~> 1.0)
  google-cloud-secret_manager
  lastfm!
  rspotify!
  slack-ruby-client

BUNDLED WITH
   2.4.17
